GEM
  remote: http://rubygems.org/
  specs:
    addressable (2.8.1)
      public_suffix (>= 2.0.2, < 6.0)
    faraday (1.0.1)
      multipart-post (>= 1.2, < 3)
    gitlab (4.14.0)
      httparty (~> 0.14, >= 0.14.0)
      terminal-table (~> 1.5, >= 1.5.1)
    httparty (0.21.0)
      mini_mime (>= 1.0.0)
      multi_xml (>= 0.5.2)
    mini_mime (1.1.2)
    multi_xml (0.6.0)
    multipart-post (2.3.0)
    octokit (4.25.1)
      faraday (>= 1, < 3)
      sawyer (~> 0.9)
    pronto (0.9.5)
      gitlab (~> 4.0, >= 4.0.0)
      httparty (>= 0.13.7)
      octokit (~> 4.7, >= 4.7.0)
      rainbow (~> 2.1)
      rugged (~> 0.24, >= 0.23.0)
      thor (~> 0.19.0)
    pronto-phpcs (0.4.0)
      pronto (~> 0.9.0)
    pronto-phpmd (0.4.0)
      pronto (~> 0.9.0)
    public_suffix (4.0.7)
    rainbow (2.2.2)
      rake
    rake (13.0.6)
    rugged (0.99.0)
    sawyer (0.9.2)
      addressable (>= 2.3.5)
      faraday (>= 0.17.3, < 3)
    terminal-table (1.8.0)
      unicode-display_width (~> 1.1, >= 1.1.1)
    thor (0.19.4)
    unicode-display_width (1.8.0)

PLATFORMS
  ruby

DEPENDENCIES
  pronto (~> 0.9.5)
  pronto-phpcs (~> 0.4.0)
  pronto-phpmd (~> 0.4.0)

BUNDLED WITH
   1.17.3
